GEM
  remote: http://rubygems.org/
  specs:
    curb (0.8.6)
    daemons (1.1.9)
    eventmachine (1.0.4)
    graphite-api (0.1.5)
      eventmachine (>= 0.3.3)
      zscheduler (>= 0.0.3)
    zscheduler (0.0.6)
      eventmachine

PLATFORMS
  ruby

DEPENDENCIES
  curb
  daemons
  graphite-api
